GEM
  remote: https://rubygems.org/
  specs:
    bigdecimal (3.1.9)
    concurrent-ruby (1.3.5)
    database_cleaner-core (2.0.1)
    database_cleaner-sequel (2.0.2)
      database_cleaner-core (~> 2.0.0)
      sequel
    diff-lcs (1.6.2)
    dotenv (2.8.1)
    multi_json (1.15.0)
    mustermann (2.0.2)
      ruby2_keywords (~> 0.0.1)
    nio4r (2.7.4)
    pg (1.5.9)
    puma (6.6.0)
      nio4r (~> 2.0)
    rack (2.2.14)
    rack-protection (2.2.4)
      rack
    rack-test (2.2.0)
      rack (>= 1.3)
    rake (13.2.1)
    rspec (3.13.0)
      rspec-core (~> 3.13.0)
      rspec-expectations (~> 3.13.0)
      rspec-mocks (~> 3.13.0)
    rspec-core (3.13.3)
      rspec-support (~> 3.13.0)
    rspec-expectations (3.13.4)
      diff-lcs (>= 1.2.0, < 2.0)
      rspec-support (~> 3.13.0)
    rspec-mocks (3.13.4)
      diff-lcs (>= 1.2.0, < 2.0)
      rspec-support (~> 3.13.0)
    rspec-support (3.13.3)
    ruby2_keywords (0.0.5)
    sequel (5.92.0)
      bigdecimal
    sinatra (2.2.4)
      mustermann (~> 2.0)
      rack (~> 2.2)
      rack-protection (= 2.2.4)
      tilt (~> 2.0)
    sinatra-contrib (2.2.4)
      multi_json
      mustermann (~> 2.0)
      rack-protection (= 2.2.4)
      sinatra (= 2.2.4)
      tilt (~> 2.0)
    tilt (2.6.0)

PLATFORMS
  universal-darwin-24
  x86_64-linux

DEPENDENCIES
  concurrent-ruby (~> 1.3)
  database_cleaner-sequel
  dotenv (~> 2.8.1)
  pg
  puma
  rack-test
  rake
  rspec
  sequel
  sinatra (~> 2.2.3)
  sinatra-contrib (~> 2.2.3)

BUNDLED WITH
   2.2.33
